GEM
  remote: https://rubygems.org/
  specs:
    colorize (0.7.5)
    haml (5.0.0)
      temple (>= 0.8.0)
      tilt
    sass (3.4.9)
    temple (0.8.2)
    tilt (2.0.10)

PLATFORMS
  ruby

DEPENDENCIES
  colorize
  haml
  sass
