GEM
  remote: https://rubygems.org/
  specs:
    colorize (0.8.1)
    ffi (1.17.1)
    haml (5.2.1)
      temple (>= 0.8.0)
      tilt
    rb-fsevent (0.11.2)
    rb-inotify (0.11.1)
      ffi (~> 1.0)
    sass (3.7.4)
      sass-listen (~> 4.0.0)
    sass-listen (4.0.0)
      rb-fsevent (~> 0.9, >= 0.9.4)
      rb-inotify (~> 0.9, >= 0.9.7)
    temple (0.8.2)
    tilt (2.0.10)

PLATFORMS
  ruby

DEPENDENCIES
  colorize
  haml
  sass

BUNDLED WITH
   1.17.2
