GEM
  remote: https://rubygems.org/
  specs:
    colorize (0.7.5)
    haml (4.0.5)
      tilt
    sass (3.4.9)
    tilt (2.0.1)

PLATFORMS
  ruby

DEPENDENCIES
  colorize
  haml
  sass
